GIT
  remote: https://github.com/agentrock/gdata.git
  revision: 271d0b49d7dbe97b16969f06104f3e91022c40bc
  specs:
    gdata (1.1.1)

GIT
  remote: https://github.com/taf2/curb.git
  revision: f89bb4baca3fb3482dfc26bde8f0ade9f1a4b2c2
  specs:
    curb (0.8.0)

GEM
  remote: http://rubygems.org/
  specs:
    actionmailer (3.1.3)
      actionpack (= 3.1.3)
      mail (~> 2.3.0)
    actionpack (3.1.3)
      activemodel (= 3.1.3)
      activesupport (= 3.1.3)
      builder (~> 3.0.0)
      erubis (~> 2.7.0)
      i18n (~> 0.6)
      rack (~> 1.3.5)
      rack-cache (~> 1.1)
      rack-mount (~> 0.8.2)
      rack-test (~> 0.6.1)
      sprockets (~> 2.0.3)
    active_paypal_adaptive_payment (0.3.13)
      activemerchant (>= 1.5.1)
      hashie (>= 1.2.0)
      mocha (>= 0.10.0)
      money (>= 3.6.0)
      multi_json (>= 1.0.0)
    active_utils (1.0.3)
      activesupport (>= 2.3.11)
      i18n
    activemerchant (1.23.0)
      active_utils (>= 1.0.2)
      activesupport (>= 2.3.11)
      builder (>= 2.0.0)
      i18n
      json (>= 1.5.1)
      money
      nokogiri
    activemodel (3.1.3)
      activesupport (= 3.1.3)
      builder (~> 3.0.0)
      i18n (~> 0.6)
    activerecord (3.1.3)
      activemodel (= 3.1.3)
      activesupport (= 3.1.3)
      arel (~> 2.2.1)
      tzinfo (~> 0.3.29)
    activeresource (3.1.3)
      activemodel (= 3.1.3)
      activesupport (= 3.1.3)
    activesupport (3.1.3)
      multi_json (~> 1.0)
    acts-as-messageable (0.4.5)
      activerecord (>= 3.0.0)
      activesupport (>= 3.0.0)
      ancestry (~> 1.2.4)
      railties (>= 3.0.0)
    acts_as_commentable (3.0.1)
    acts_as_rateable (2.0.1)
    addressable (2.2.8)
    ancestry (1.2.5)
      activerecord (>= 2.2.2)
    ansi (1.4.2)
    arel (2.2.3)
    aws-sdk (1.5.2)
      httparty (~> 0.7)
      json (~> 1.4)
      nokogiri (>= 1.4.4)
      uuidtools (~> 2.1)
    bcrypt-ruby (3.0.1)
    builder (3.0.0)
    ckeditor (3.7.1)
      mime-types
      orm_adapter
    clickatell (0.8.2)
    cocaine (0.2.1)
    coffee-rails (3.1.1)
      coffee-script (>= 2.2.0)
      railties (~> 3.1.0)
    coffee-script (2.2.0)
      coffee-script-source
      execjs
    coffee-script-source (1.3.3)
    contacts (1.2.4)
      gdata (= 1.1.1)
      json (>= 0.4.1)
    crack (0.3.1)
    devise (2.1.0)
      bcrypt-ruby (~> 3.0)
      orm_adapter (~> 0.0.7)
      railties (~> 3.1)
      warden (~> 1.1.1)
    dm-aggregates (1.2.0)
      dm-core (~> 1.2.0)
    dm-core (1.2.0)
      addressable (~> 2.2.6)
    erubis (2.7.0)
    execjs (1.4.0)
      multi_json (~> 1.0)
    faraday (0.8.0)
      multipart-post (~> 1.1)
    feedzirra (0.1.3)
      activesupport (~> 3.1.1)
      builder (>= 2.1.2)
      curb (>= 0.7.13)
      i18n (>= 0.5.0)
      loofah (~> 1.2.0)
      nokogiri (>= 1.4.4)
      rake (>= 0.8.7)
      rdoc (~> 3.8)
      sax-machine (~> 0.1.0)
    google_currency (2.1.0)
      money (~> 5.0.0)
      multi_json (>= 1.0.0)
    hashie (1.2.0)
    hike (1.2.1)
    hpricot (0.8.6)
    httparty (0.8.3)
      multi_json (~> 1.0)
      multi_xml
    httpauth (0.1)
    i18n (0.6.0)
    jquery-rails (1.0.19)
      railties (~> 3.0)
      thor (~> 0.14)
    json (1.7.3)
    koala (1.5.0)
      faraday (~> 0.7)
      multi_json (~> 1.3)
    libv8 (3.3.10.4)
    loofah (1.2.1)
      nokogiri (>= 1.4.4)
    magic_encoding (0.0.2)
    mail (2.3.3)
      i18n (>= 0.4.0)
      mime-types (~> 1.16)
      treetop (~> 1.4.8)
    metaclass (0.0.1)
    mime-types (1.18)
    mocha (0.11.4)
      metaclass (~> 0.0.1)
    money (5.0.0)
      i18n (~> 0.4)
      json
    multi_json (1.3.5)
    multi_xml (0.5.1)
    multipart-post (1.1.5)
    mysql2 (0.3.11)
    nokogiri (1.5.5)
    oauth (0.4.6)
    oauth2 (0.6.1)
      faraday (~> 0.7)
      httpauth (~> 0.1)
      multi_json (~> 1.3)
    omniauth (1.1.0)
      hashie (~> 1.2)
      rack
    omniauth-facebook (1.3.0)
      omniauth-oauth2 (~> 1.0.2)
    omniauth-oauth (1.0.1)
      oauth
      omniauth (~> 1.0)
    omniauth-oauth2 (1.0.2)
      oauth2 (~> 0.6.0)
      omniauth (~> 1.0)
    omniauth-twitter (0.0.11)
      multi_json (~> 1.3)
      omniauth-oauth (~> 1.0)
    orm_adapter (0.0.7)
    paperclip (2.7.0)
      activerecord (>= 2.3.0)
      activesupport (>= 2.3.2)
      cocaine (>= 0.0.2)
      mime-types
    paypal_adaptive (0.2.2)
    pg (0.13.2)
    polyglot (0.3.3)
    rack (1.3.6)
    rack-cache (1.2)
      rack (>= 0.4)
    rack-mount (0.8.3)
      rack (>= 1.0.0)
    rack-ssl (1.3.2)
      rack
    rack-test (0.6.1)
      rack (>= 1.0)
    rails (3.1.3)
      actionmailer (= 3.1.3)
      actionpack (= 3.1.3)
      activerecord (= 3.1.3)
      activeresource (= 3.1.3)
      activesupport (= 3.1.3)
      bundler (~> 1.0)
      railties (= 3.1.3)
    rails3-jquery-autocomplete (1.0.7)
      rails (~> 3.0)
    railties (3.1.3)
      actionpack (= 3.1.3)
      activesupport (= 3.1.3)
      rack-ssl (~> 1.3.2)
      rake (>= 0.8.7)
      rdoc (~> 3.4)
      thor (~> 0.14.6)
    rake (0.9.2.2)
    rdoc (3.12)
      json (~> 1.4)
    rest-client (1.6.7)
      mime-types (>= 1.16)
    sanitize (2.0.3)
      nokogiri (>= 1.4.4, < 1.6)
    sass (3.1.18)
    sass-rails (3.1.6)
      actionpack (~> 3.1.0)
      railties (~> 3.1.0)
      sass (>= 3.1.10)
      tilt (~> 1.3.2)
    sax-machine (0.1.0)
      nokogiri (> 0.0.0)
    sprockets (2.0.4)
      hike (~> 1.2)
      rack (~> 1.0)
      tilt (~> 1.1, != 1.3.0)
    stripe (1.7.0)
      multi_json (~> 1.1)
      rest-client (~> 1.4)
    therubyracer (0.10.1)
      libv8 (~> 3.3.10)
    thor (0.14.6)
    tilt (1.3.3)
    treetop (1.4.10)
      polyglot
      polyglot (>= 0.3.1)
    turn (0.8.2)
      ansi (>= 1.2.2)
    tzinfo (0.3.33)
    uglifier (1.2.4)
      execjs (>= 0.3.0)
      multi_json (>= 1.0.2)
    uuidtools (2.1.2)
    warden (1.1.1)
      rack (>= 1.0)
    will_paginate (3.0.3)

PLATFORMS
  ruby

DEPENDENCIES
  active_paypal_adaptive_payment
  activemerchant (= 1.23.0)
  acts-as-messageable
  acts_as_commentable
  acts_as_rateable (~> 2.0.1)
  aws-sdk
  bcrypt-ruby
  ckeditor
  clickatell
  coffee-rails (~> 3.1.1)
  contacts
  crack
  curb (>= 0.8.0)!
  devise
  dm-aggregates
  dm-core
  execjs
  feedzirra
  gdata!
  google_currency
  hpricot
  i18n
  jquery-rails
  json
  koala
  magic_encoding
  money
  mysql2
  nokogiri
  omniauth
  omniauth-facebook
  omniauth-twitter
  paperclip (~> 2.7)
  paypal_adaptive
  pg
  rails (= 3.1.3)
  rails3-jquery-autocomplete
  rest-client
  sanitize
  sass-rails (~> 3.1.5)
  stripe
  therubyracer
  turn (= 0.8.2)
  uglifier (>= 1.0.3)
  uuidtools
  will_paginate (~> 3.0.pre2)
